GEM
  remote: http://rubygems.org/
  specs:
    mina (0.3.8)
      open4 (~> 1.3.4)
      rake
    mina-circle (1.2.1)
      mina (~> 0.3, >= 0.3.0)
    open4 (1.3.4)
    rake (11.2.2)

PLATFORMS
  ruby

DEPENDENCIES
  mina (~> 0.3.8)
  mina-circle (~> 1.2.0)

BUNDLED WITH
   1.12.5
